NUGET
  remote: https://www.nuget.org/api/v2
  specs:
    DotLiquid (1.8)
    FAKE (4.25.4)
    FSharp.Core (4.0.0.1)
    FSharp.Data.SqlClient (1.8.1)
    Hawk (3.0.3)
      FSharp.Core (>= 3.1.2.5)
      NodaTime (>= 1.3.1)
    Hawk.Suave (3.0.3)
      FSharp.Core (>= 3.1.2.5)
      Hawk (>= 3.0.3)
      NodaTime (>= 1.3.1)
      Suave (>= 1.1.2)
    Newtonsoft.Json (8.0.3)
    NodaTime (1.3.2)
    SQLProvider (1.0)
    Suave (1.1.2)
      FSharp.Core (>= 3.1.2.5)
